GEM
  remote: http://rubygems.org/
  specs:
    addressable (2.3.2)
    builder (3.1.3)
    childprocess (0.3.5)
      ffi (~> 1.0, >= 1.0.6)
    commonwatir (4.0.0)
    cucumber (1.2.1)
      builder (>= 2.1.2)
      diff-lcs (>= 1.1.3)
      gherkin (~> 2.11.0)
      json (>= 1.4.6)
    data_magic (0.9)
      faker (>= 1.0.1)
      yml_reader (>= 0.2)
    diff-lcs (1.1.3)
    faker (1.1.2)
      i18n (~> 0.5)
    ffi (1.1.5)
    ffi (1.1.5-x86-mingw32)
    gherkin (2.11.2)
      json (>= 1.4.6)
    gherkin (2.11.2-x86-mingw32)
      json (>= 1.4.6)
    headless (0.3.1)
    hoe (3.1.0)
      rake (~> 0.8)
    i18n (0.6.1)
    json (1.7.5)
    libwebsocket (0.1.5)
      addressable
    mini_magick (3.2.1)
      subexec (~> 0.0.4)
    multi_json (1.3.6)
    nokogiri (1.5.5-x86-mingw32)
    page-object (0.7.5.1)
      selenium-webdriver (>= 2.25.0)
      watir-webdriver (>= 0.6.1)
    rake (0.9.2.2)
    rautomation (0.7.3)
      ffi
    require_all (1.2.1)
    rspec (2.11.0)
      rspec-core (~> 2.11.0)
      rspec-expectations (~> 2.11.0)
      rspec-mocks (~> 2.11.0)
    rspec-core (2.11.1)
    rspec-expectations (2.11.3)
      diff-lcs (~> 1.1.3)
    rspec-mocks (2.11.2)
    rubyzip (0.9.9)
    s4t-utils (1.0.4)
      hoe (>= 1.3.0)
    selenium-webdriver (2.25.0)
      childprocess (>= 0.2.5)
      libwebsocket (~> 0.1.3)
      multi_json (~> 1.0)
      rubyzip
    subexec (0.0.4)
    user-choices (1.1.6.1)
      builder (>= 2.1.2)
      s4t-utils (>= 1.0.3)
      xml-simple (>= 1.0.11)
    watir (4.0.2-x86-mingw32)
      commonwatir (~> 4)
      watir-classic (~> 3.2)
      watir-webdriver
    watir-classic (3.3.0)
      ffi (~> 1.0)
      multi_json
      nokogiri
      rautomation (~> 0.7.2)
      user-choices
      win32-process (>= 0.5.5)
      win32screenshot
      windows-pr (>= 0.6.6)
    watir-webdriver (0.6.1)
      selenium-webdriver (>= 2.18.0)
    win32-api (1.4.8-x86-mingw32)
    win32-process (0.7.0)
      ffi (>= 1.0.0)
    win32screenshot (1.0.7)
      ffi (~> 1.0)
      mini_magick (~> 3.2.1)
      rautomation (~> 0.7.0)
    windows-api (0.4.2)
      win32-api (>= 1.4.5)
    windows-pr (1.2.2)
      win32-api (>= 1.4.5)
      windows-api (>= 0.3.0)
    xml-simple (1.1.2)
    yml_reader (0.2)

PLATFORMS
  ruby
  x86-mingw32

DEPENDENCIES
  cucumber (= 1.2.1)
  data_magic (> 0)
  headless (> 0)
  page-object (= 0.7.5.1)
  rake
  require_all (= 1.2.1)
  rspec (> 0)
  watir
  watir-webdriver (= 0.6.1)
